GEM
  remote: https://rubygems.org/
  specs:
    activesupport (5.1.2)
      concurrent-ruby (~> 1.0, >= 1.0.2)
      i18n (~> 0.7)
      minitest (~> 5.1)
      tzinfo (~> 1.1)
    bullet (5.6.1)
      activesupport (>= 3.0.0)
      uniform_notifier (~> 1.10.0)
    byebug (9.0.6)
    coderay (1.1.1)
    concurrent-ruby (1.0.5)
    erubis (2.7.0)
    flamegraph (0.9.5)
    i18n (0.8.6)
    kgio (2.11.0)
    method_source (0.8.2)
    minitest (5.10.3)
    mustermann (1.0.0)
    mysql2 (0.4.8)
    mysql2-cs-bind (0.0.6)
      mysql2
    pry (0.10.4)
      coderay (~> 1.1.0)
      method_source (~> 0.8.1)
      slop (~> 3.4)
    pry-byebug (3.4.2)
      byebug (~> 9.0)
      pry (~> 0.10)
    pry-doc (0.10.0)
      pry (~> 0.9)
      yard (~> 0.9)
    rack (2.0.3)
    rack-mini-profiler (0.10.5)
      rack (>= 1.2.0)
    rack-protection (2.0.0)
      rack
    raindrops (0.18.0)
    sinatra (2.0.0)
      mustermann (~> 1.0)
      rack (~> 2.0)
      rack-protection (= 2.0.0)
      tilt (~> 2.0)
    slop (3.6.0)
    stackprof (0.2.10)
    thread_safe (0.3.6)
    tilt (2.0.8)
    tzinfo (1.2.3)
      thread_safe (~> 0.1)
    unicorn (5.3.0)
      kgio (~> 2.6)
      raindrops (~> 0.7)
    uniform_notifier (1.10.0)
    yard (0.9.9)

PLATFORMS
  ruby

DEPENDENCIES
  bullet
  erubis
  flamegraph
  mysql2
  mysql2-cs-bind
  pry-byebug
  pry-doc
  rack-mini-profiler
  sinatra
  stackprof
  unicorn

BUNDLED WITH
   1.14.6
